{
	"Modality": "MR",
	"MagneticFieldStrength": 3,
	"ImagingFrequency": 123.259,
	"Manufacturer": "Siemens",
	"ManufacturersModelName": "Prisma",
	"InstitutionName": "Warneford Hospital",
	"InstitutionalDepartmentName": "BE3597",
	"InstitutionAddress": "Warneford Lane StreetNo,Oxford,District,GB,OX3 7JX",
	"DeviceSerialNumber": "66093",
	"StationName": "AWP66093",
	"BodyPartExamined": "BRAIN",
	"PatientPosition": "HFS",
	"SoftwareVersions": "syngo MR E11",
	"MRAcquisitionType": "2D",
	"SeriesDescription": "BOLD_2p4_MB6_P1_TE30_TR800_AP_SBRef",
	"ProtocolName": "BOLD_2p4_MB6_P1_TE30_TR800_AP",
	"ScanningSequence": "EP",
	"SequenceVariant": "SK\\SS",
	"ScanOptions": "FS",
	"SequenceName": "epfid2d1_90",
	"ImageType": ["ORIGINAL", "PRIMARY", "M", "ND", "MOSAIC"],
	"SeriesNumber": 18,
	"AcquisitionTime": "16:11:12.997500",
	"AcquisitionNumber": 1,
	"ImageComments": "Single-band reference",
	"SliceThickness": 2.4,
	"SpacingBetweenSlices": 2.4,
	"SAR": 0.100845,
	"EchoTime": 0.03,
	"RepetitionTime": 0.8,
	"FlipAngle": 52,
	"PartialFourier": 1,
	"BaseResolution": 90,
	"ShimSetting": [
		4968,
		-11397,
		-1314,
		476,
		72,
		93,
		-128,
		61	],
	"TxRefAmp": 270.049,
	"PhaseResolution": 1,
	"VendorReportedEchoSpacing": 0.00051,
	"ReceiveCoilName": "Head_32",
	"ReceiveCoilActiveElements": "HEA;HEP",
	"PulseSequenceDetails": "%CustomerSeq%\\cmrr_mbep2d_bold",
	"WipMemBlock": "95868293-1dac-4fcf-9b51-9786f14c323e||Sequence: R016 ve11c/master r/e634e98; Dec 19 2017 11:00:25 by eja",
	"ConsistencyInfo": "N4_VE11C_LATEST_20160120",
	"PercentPhaseFOV": 100,
	"PercentSampling": 100,
	"EchoTrainLength": 90,
	"PhaseEncodingSteps": 90,
	"AcquisitionMatrixPE": 90,
	"ReconMatrixPE": 90,
	"BandwidthPerPixelPhaseEncode": 21.786,
	"EffectiveEchoSpacing": 0.000510012,
	"DerivedVendorReportedEchoSpacing": 0.000510012,
	"TotalReadoutTime": 0.045391,
	"PixelBandwidth": 2780,
	"DwellTime": 2e-06,
	"PhaseEncodingDirection": "j-",
	"SliceTiming": [
		0,
		0.08,
		0.1575,
		0.235,
		0.3125,
		0.39,
		0.47,
		0.5475,
		0.625,
		0.7025,
		0.78,
		0.8575,
		0.9375,
		1.015,
		1.0925,
		1.17,
		1.2475,
		1.3275,
		1.405,
		1.4825,
		1.56,
		1.6375,
		1.7175,
		1.795,
		1.8725,
		1.95,
		2.0275,
		2.1075,
		2.185,
		2.2625,
		2.34,
		2.4175,
		2.4975,
		2.575,
		2.6525,
		2.73,
		2.8075,
		2.8875,
		2.965,
		3.0425,
		3.12,
		3.1975,
		3.2775,
		3.355,
		3.4325,
		3.51,
		3.5875,
		3.6675,
		3.745,
		3.8225,
		3.9,
		3.9775,
		4.0575,
		4.135,
		4.2125,
		4.29,
		4.3675,
		4.4475,
		4.525,
		4.6025	],
	"ImageOrientationPatientDICOM": [
		0.999457,
		0.00384753,
		0.0327356,
		6.90378e-08,
		0.993163,
		-0.116732	],
	"InPlanePhaseEncodingDirectionDICOM": "COL",
	"ConversionSoftware": "dcm2niix",
	"ConversionSoftwareVersion": "v1.0.20210317"
}
