{
	"Modality": "MR",
	"MagneticFieldStrength": 3,
	"ImagingFrequency": 123.259,
	"Manufacturer": "Siemens",
	"ManufacturersModelName": "Prisma",
	"InstitutionName": "Warneford Hospital",
	"InstitutionalDepartmentName": "BE3597",
	"InstitutionAddress": "Warneford Lane StreetNo,Oxford,District,GB,OX3 7JX",
	"DeviceSerialNumber": "66093",
	"StationName": "AWP66093",
	"BodyPartExamined": "BRAIN",
	"PatientPosition": "HFS",
	"SoftwareVersions": "syngo MR E11",
	"MRAcquisitionType": "2D",
	"SeriesDescription": "BOLD_2p4_MB6_P1_TE30_TR800_AP",
	"ProtocolName": "BOLD_2p4_MB6_P1_TE30_TR800_AP",
	"ScanningSequence": "EP",
	"SequenceVariant": "SK\\SS",
	"ScanOptions": "FS",
	"SequenceName": "epfid2d1_90",
	"ImageType": ["ORIGINAL", "PRIMARY", "M", "MB", "ND", "MOSAIC"],
	"SeriesNumber": 15,
	"AcquisitionTime": "15:54:22.640000",
	"AcquisitionNumber": 1,
	"ImageComments": "Unaliased MB6/PE3/LB",
	"SliceThickness": 2.4,
	"SpacingBetweenSlices": 2.4,
	"SAR": 0.100845,
	"EchoTime": 0.03,
	"RepetitionTime": 0.8,
	"FlipAngle": 52,
	"PartialFourier": 1,
	"BaseResolution": 90,
	"ShimSetting": [
		4968,
		-11397,
		-1314,
		476,
		72,
		93,
		-128,
		61	],
	"TxRefAmp": 270.049,
	"PhaseResolution": 1,
	"VendorReportedEchoSpacing": 0.00051,
	"ReceiveCoilName": "Head_32",
	"ReceiveCoilActiveElements": "HEA;HEP",
	"PulseSequenceDetails": "%CustomerSeq%\\cmrr_mbep2d_bold",
	"WipMemBlock": "6d2e7698-1f07-43d7-b754-0f06f2c7877e||Sequence: R016 ve11c/master r/e634e98; Dec 19 2017 11:00:25 by eja",
	"ConsistencyInfo": "N4_VE11C_LATEST_20160120",
	"MultibandAccelerationFactor": 6,
	"PercentPhaseFOV": 100,
	"PercentSampling": 100,
	"EchoTrainLength": 90,
	"PhaseEncodingSteps": 90,
	"AcquisitionMatrixPE": 90,
	"ReconMatrixPE": 90,
	"BandwidthPerPixelPhaseEncode": 21.786,
	"EffectiveEchoSpacing": 0.000510012,
	"DerivedVendorReportedEchoSpacing": 0.000510012,
	"TotalReadoutTime": 0.045391,
	"PixelBandwidth": 2780,
	"DwellTime": 2e-06,
	"PhaseEncodingDirection": "j-",
	"SliceTiming": [
		0,
		0.545,
		0.3125,
		0.0775,
		0.6225,
		0.39,
		0.155,
		0.7025,
		0.4675,
		0.2325,
		0,
		0.545,
		0.3125,
		0.0775,
		0.6225,
		0.39,
		0.155,
		0.7025,
		0.4675,
		0.2325,
		0,
		0.545,
		0.3125,
		0.0775,
		0.6225,
		0.39,
		0.155,
		0.7025,
		0.4675,
		0.2325,
		0,
		0.545,
		0.3125,
		0.0775,
		0.6225,
		0.39,
		0.155,
		0.7025,
		0.4675,
		0.2325,
		0,
		0.545,
		0.3125,
		0.0775,
		0.6225,
		0.39,
		0.155,
		0.7025,
		0.4675,
		0.2325,
		0,
		0.545,
		0.3125,
		0.0775,
		0.6225,
		0.39,
		0.155,
		0.7025,
		0.4675,
		0.2325	],
	"ImageOrientationPatientDICOM": [
		0.999457,
		0.00384753,
		0.0327356,
		6.90378e-08,
		0.993163,
		-0.116732	],
	"InPlanePhaseEncodingDirectionDICOM": "COL",
	"ConversionSoftware": "dcm2niix",
	"ConversionSoftwareVersion": "v1.0.20210317"
}
