{
    "Modality": "MR",
    "MagneticFieldStrength": 3,
    "ImagingFrequency": 123.259,
    "Manufacturer": "Siemens",
    "ManufacturersModelName": "Prisma",
    "InstitutionName": "",
    "InstitutionalDepartmentName": "",
    "InstitutionAddress": "",
    "DeviceSerialNumber": "66093",
    "StationName": "",
    "BodyPartExamined": "BRAIN",
    "PatientPosition": "HFS",
    "SoftwareVersions": "syngo MR E11",
    "MRAcquisitionType": "2D",
    "SeriesDescription": "fieldmap_2p4mm_FoV_216x216x144",
    "ProtocolName": "fieldmap_2p4mm_FoV_216x216x144",
    "ScanningSequence": "GR",
    "SequenceVariant": "SP",
    "SequenceName": "*fm2d2r",
    "ImageType": [
        "ORIGINAL",
        "PRIMARY",
        "M",
        "ND"
    ],
    "SeriesNumber": 10,
    "AcquisitionTime": "",
    "AcquisitionNumber": 1,
    "SliceThickness": 2.4,
    "SpacingBetweenSlices": 2.4,
    "SAR": 0.103237,
    "EchoNumber": 2,
    "EchoTime": 0.00738,
    "RepetitionTime": 0.59,
    "FlipAngle": 46,
    "PartialFourier": 1,
    "BaseResolution": 90,
    "ShimSetting": [
        4968,
        -11397,
        -1314,
        476,
        72,
        93,
        -128,
        61
    ],
    "TxRefAmp": 270.049,
    "PhaseResolution": 1,
    "ReceiveCoilName": "Head_32",
    "ReceiveCoilActiveElements": "HEA;HEP",
    "PulseSequenceDetails": "%SiemensSeq%\\gre_field_mapping",
    "ConsistencyInfo": "N4_VE11C_LATEST_20160120",
    "MultibandAccelerationFactor": 2,
    "PercentPhaseFOV": 100,
    "PercentSampling": 100,
    "PhaseEncodingSteps": 90,
    "AcquisitionMatrixPE": 90,
    "ReconMatrixPE": 90,
    "PixelBandwidth": 610,
    "DwellTime": 9.1e-06,
    "PhaseEncodingDirection": "j-",
    "SliceTiming": [
        0.29688,
        0,
        0.3125,
        0.01562,
        0.32812,
        0.03125,
        0.32812,
        0.03125,
        0.34375,
        0.04688,
        0.34375,
        0.0625,
        0.35938,
        0.0625,
        0.375,
        0.07812,
        0.375,
        0.09375,
        0.39062,
        0.09375,
        0.40625,
        0.10938,
        0.40625,
        0.10938,
        0.42188,
        0.125,
        0.42188,
        0.14062,
        0.4375,
        0.14062,
        0.45312,
        0.15625,
        0.45312,
        0.15625,
        0.46875,
        0.17188,
        0.48438,
        0.1875,
        0.48438,
        0.1875,
        0.5,
        0.20312,
        0.51562,
        0.21875,
        0.51562,
        0.21875,
        0.53125,
        0.23438,
        0.53125,
        0.25,
        0.54688,
        0.25,
        0.5625,
        0.26562,
        0.5625,
        0.28125,
        0.57812,
        0.28125,
        0.59375,
        0.29688
    ],
    "ImageOrientationPatientDICOM": [
        0.999457,
        0.00384753,
        0.0327356,
        6.90378e-08,
        0.993163,
        -0.116732
    ],
    "InPlanePhaseEncodingDirectionDICOM": "COL",
    "ConversionSoftware": "dcm2niix",
    "ConversionSoftwareVersion": "v1.0.20210317"
}