{
    "InPlanePhaseEncodingDirectionDICOM": "COL", 
    "VendorReportedEchoSpacing": 0.00051, 
    "ConsistencyInfo": "N4_VE11C_LATEST_20160120", 
    "ImageComments": "Single-band reference", 
    "DeviceSerialNumber": "66093", 
    "AcquisitionMatrixPE": 90, 
    "ImageOrientationPatientDICOM": [
        1, 
        0, 
        0, 
        0, 
        0.997185, 
        0.0749787
    ], 
    "EffectiveEchoSpacing": 0.000510012, 
    "WipMemBlock": "4caeb93f-0792-414e-9d24-74f16f130ec9||Sequence: R016 ve11c/master r/e634e98; Dec 19 2017 11:00:25 by eja", 
    "ManufacturersModelName": "Prisma", 
    "ProtocolName": "BOLD_2p4_MB6_P1_TE30_TR800_AP", 
    "PhaseEncodingDirection": "j-", 
    "BandwidthPerPixelPhaseEncode": 21.786, 
    "TotalReadoutTime": 0.045391, 
    "RepetitionTime": 0.8, 
    "EchoTrainLength": 90, 
    "SeriesNumber": 6, 
    "PhaseEncodingSteps": 90, 
    "MRAcquisitionType": "2D", 
    "SliceThickness": 2.4, 
    "AcquisitionNumber": 1, 
    "InstitutionName": "", 
    "DwellTime": 2e-06, 
    "TxRefAmp": 229.069, 
    "BodyPartExamined": "BRAIN", 
    "ReceiveCoilActiveElements": "HEA;HEP", 
    "DerivedVendorReportedEchoSpacing": 0.000510012, 
    "SAR": 0.0772496, 
    "PulseSequenceDetails": "%CustomerSeq%\\cmrr_mbep2d_bold", 
    "ScanningSequence": "EP", 
    "Manufacturer": "Siemens", 
    "ConversionSoftware": "dcm2niix", 
    "PercentPhaseFOV": 100, 
    "ReconMatrixPE": 90, 
    "FlipAngle": 52, 
    "ConversionSoftwareVersion": "v1.0.20210317", 
    "SeriesDescription": "BOLD_2p4_MB6_P1_TE30_TR800_AP_SBRef", 
    "PartialFourier": 1, 
    "InstitutionAddress": "", 
    "AcquisitionTime": "", 
    "ShimSetting": [
        4949, 
        -11403, 
        -1398, 
        463, 
        -4, 
        -16, 
        52, 
        28
    ], 
    "PatientPosition": "HFS", 
    "SequenceName": "epfid2d1_90", 
    "MagneticFieldStrength": 3, 
    "TaskName": "WG", 
    "PercentSampling": 100, 
    "SpacingBetweenSlices": 2.4, 
    "ImageType": [
        "ORIGINAL", 
        "PRIMARY", 
        "M", 
        "ND", 
        "MOSAIC"
    ], 
    "ReceiveCoilName": "Head_32", 
    "EchoTime": 0.03, 
    "SequenceVariant": "SK\\SS", 
    "SliceTiming": [
        0, 
        0.0775, 
        0.1575, 
        0.235, 
        0.3125, 
        0.39, 
        0.4675, 
        0.5475, 
        0.625, 
        0.7025, 
        0.78, 
        0.8575, 
        0.935, 
        1.015, 
        1.0925, 
        1.17, 
        1.2475, 
        1.325, 
        1.405, 
        1.4825, 
        1.56, 
        1.6375, 
        1.715, 
        1.795, 
        1.8725, 
        1.95, 
        2.0275, 
        2.105, 
        2.185, 
        2.2625, 
        2.34, 
        2.4175, 
        2.495, 
        2.575, 
        2.6525, 
        2.73, 
        2.8075, 
        2.885, 
        2.965, 
        3.0425, 
        3.12, 
        3.1975, 
        3.275, 
        3.355, 
        3.4325, 
        3.51, 
        3.5875, 
        3.665, 
        3.745, 
        3.8225, 
        3.9, 
        3.9775, 
        4.055, 
        4.135, 
        4.2125, 
        4.29, 
        4.3675, 
        4.445, 
        4.5225, 
        4.6025
    ], 
    "ImagingFrequency": 123.259, 
    "BaseResolution": 90, 
    "PixelBandwidth": 2780, 
    "ScanOptions": "FS", 
    "PhaseResolution": 1, 
    "SoftwareVersions": "syngo MR E11", 
    "StationName": "", 
    "Modality": "MR", 
    "InstitutionalDepartmentName": ""
}