{
    "InPlanePhaseEncodingDirectionDICOM": "ROW", 
    "InversionTime": 0.904, 
    "ConsistencyInfo": "N4_VE11C_LATEST_20160120", 
    "DeviceSerialNumber": "66093", 
    "AcquisitionMatrixPE": 174, 
    "ImageOrientationPatientDICOM": [
        0.999994, 
        -0.000502297, 
        -0.00336099, 
        4.534e-12, 
        0.989016, 
        -0.147808
    ], 
    "ManufacturersModelName": "Prisma", 
    "ProtocolName": "t1_mpr_ax_1mm_iso_32ch_v2", 
    "RepetitionTime": 1.9, 
    "SeriesNumber": 17, 
    "PhaseEncodingSteps": 174, 
    "MRAcquisitionType": "3D", 
    "SliceThickness": 1, 
    "AcquisitionNumber": 1, 
    "InstitutionName": "", 
    "DwellTime": 1.3e-05, 
    "TxRefAmp": 240.031, 
    "BodyPartExamined": "BRAIN", 
    "ReceiveCoilActiveElements": "HEA;HEP", 
    "SAR": 0.0472036, 
    "PulseSequenceDetails": "%SiemensSeq%\\tfl", 
    "ScanningSequence": "GR\\IR", 
    "Manufacturer": "Siemens", 
    "ConversionSoftware": "dcm2niix", 
    "PercentPhaseFOV": 90.625, 
    "ReconMatrixPE": 174, 
    "FlipAngle": 8, 
    "ConversionSoftwareVersion": "v1.0.20210317", 
    "SeriesDescription": "t1_mpr_ax_1mm_iso_32ch_v2", 
    "PartialFourier": 1, 
    "InstitutionAddress": "", 
    "AcquisitionTime": "", 
    "ShimSetting": [
        4970, 
        -11412, 
        -1386, 
        507, 
        65, 
        -62, 
        -101, 
        52
    ], 
    "PatientPosition": "HFS", 
    "SequenceName": "*tfl3d1_16", 
    "MagneticFieldStrength": 3, 
    "PercentSampling": 100, 
    "ImageType": [
        "ORIGINAL", 
        "PRIMARY", 
        "M", 
        "ND", 
        "NORM"
    ], 
    "ReceiveCoilName": "Head_32", 
    "EchoTime": 0.00397, 
    "SequenceVariant": "SK\\SP\\MP", 
    "ImagingFrequency": 123.26, 
    "BaseResolution": 192, 
    "PixelBandwidth": 200, 
    "ScanOptions": "IR\\WE", 
    "PhaseResolution": 1, 
    "SoftwareVersions": "syngo MR E11", 
    "StationName": "", 
    "Modality": "MR", 
    "InstitutionalDepartmentName": ""
}