{
	"Modality": "MR",
	"MagneticFieldStrength": 3,
	"ImagingFrequency": 123.259,
	"Manufacturer": "Siemens",
	"ManufacturersModelName": "Prisma",
	"InstitutionName": "Warneford Hospital",
	"InstitutionalDepartmentName": "BE3597",
	"InstitutionAddress": "Warneford Lane StreetNo,Oxford,District,GB,OX3 7JX",
	"DeviceSerialNumber": "66093",
	"StationName": "AWP66093",
	"BodyPartExamined": "BRAIN",
	"PatientPosition": "HFS",
	"SoftwareVersions": "syngo MR E11",
	"MRAcquisitionType": "3D",
	"SeriesDescription": "t1_mpr_ax_1mm_iso_32ch_v2",
	"ProtocolName": "t1_mpr_ax_1mm_iso_32ch_v2",
	"ScanningSequence": "GR\\IR",
	"SequenceVariant": "SK\\SP\\MP",
	"ScanOptions": "IR\\WE",
	"SequenceName": "*tfl3d1_16",
	"ImageType": ["ORIGINAL", "PRIMARY", "M", "ND", "NORM"],
	"SeriesNumber": 13,
	"AcquisitionTime": "15:47:56.510000",
	"AcquisitionNumber": 1,
	"SliceThickness": 1,
	"SAR": 0.0628055,
	"EchoTime": 0.00397,
	"RepetitionTime": 1.9,
	"InversionTime": 0.904,
	"FlipAngle": 8,
	"PartialFourier": 1,
	"BaseResolution": 192,
	"ShimSetting": [
		4972,
		-11424,
		-1333,
		433,
		91,
		-48,
		-91,
		46	],
	"TxRefAmp": 270.049,
	"PhaseResolution": 1,
	"ReceiveCoilName": "Head_32",
	"ReceiveCoilActiveElements": "HEA;HEP",
	"PulseSequenceDetails": "%SiemensSeq%\\tfl",
	"ConsistencyInfo": "N4_VE11C_LATEST_20160120",
	"PercentPhaseFOV": 90.625,
	"PercentSampling": 100,
	"PhaseEncodingSteps": 174,
	"AcquisitionMatrixPE": 174,
	"ReconMatrixPE": 174,
	"PixelBandwidth": 200,
	"DwellTime": 1.3e-05,
	"ImageOrientationPatientDICOM": [
		0.999457,
		0.0038476,
		0.0327356,
		1.8188e-11,
		0.993163,
		-0.116732	],
	"InPlanePhaseEncodingDirectionDICOM": "ROW",
	"ConversionSoftware": "dcm2niix",
	"ConversionSoftwareVersion": "v1.0.20210317"
}
