{
    "InPlanePhaseEncodingDirectionDICOM": "ROW", 
    "InversionTime": 0.904, 
    "ConsistencyInfo": "N4_VE11C_LATEST_20160120", 
    "DeviceSerialNumber": "66093", 
    "AcquisitionMatrixPE": 174, 
    "ImageOrientationPatientDICOM": [
        0.999946, 
        -0.00071003, 
        -0.0104148, 
        -3.1792e-11, 
        0.997684, 
        -0.0680176
    ], 
    "ManufacturersModelName": "Prisma", 
    "ProtocolName": "t1_mpr_ax_1mm_iso_32ch_v2", 
    "RepetitionTime": 1.9, 
    "SeriesNumber": 13, 
    "PhaseEncodingSteps": 174, 
    "MRAcquisitionType": "3D", 
    "SliceThickness": 1, 
    "AcquisitionNumber": 1, 
    "InstitutionName": "", 
    "DwellTime": 1.3e-05, 
    "TxRefAmp": 241.453, 
    "BodyPartExamined": "BRAIN", 
    "ReceiveCoilActiveElements": "HEA;HEP", 
    "SAR": 0.0484967, 
    "PulseSequenceDetails": "%SiemensSeq%\\tfl", 
    "ScanningSequence": "GR\\IR", 
    "Manufacturer": "Siemens", 
    "ConversionSoftware": "dcm2niix", 
    "PercentPhaseFOV": 90.625, 
    "ReconMatrixPE": 174, 
    "FlipAngle": 8, 
    "ConversionSoftwareVersion": "v1.0.20210317", 
    "SeriesDescription": "t1_mpr_ax_1mm_iso_32ch_v2", 
    "PartialFourier": 1, 
    "InstitutionAddress": "", 
    "AcquisitionTime": "", 
    "ShimSetting": [
        4954, 
        -11433, 
        -1382, 
        335, 
        81, 
        -112, 
        26, 
        82
    ], 
    "PatientPosition": "HFS", 
    "SequenceName": "*tfl3d1_16", 
    "MagneticFieldStrength": 3, 
    "PercentSampling": 100, 
    "ImageType": [
        "ORIGINAL", 
        "PRIMARY", 
        "M", 
        "ND", 
        "NORM"
    ], 
    "ReceiveCoilName": "Head_32", 
    "EchoTime": 0.00397, 
    "SequenceVariant": "SK\\SP\\MP", 
    "ImagingFrequency": 123.259, 
    "BaseResolution": 192, 
    "PixelBandwidth": 200, 
    "ScanOptions": "IR\\WE", 
    "PhaseResolution": 1, 
    "SoftwareVersions": "syngo MR E11", 
    "StationName": "", 
    "Modality": "MR", 
    "InstitutionalDepartmentName": ""
}