{
    "Modality": "MR",
    "MagneticFieldStrength": 3,
    "ImagingFrequency": 127.764,
    "Manufacturer": "Philips",
    "ManufacturersModelName": "Ingenia Elition X",
    "InstitutionName": "",
    "InstitutionalDepartmentName": "",
    "InstitutionAddress": "",
    "DeviceSerialNumber": "45128",
    "StationName": "",
    "BodyPartExamined": "BRAIN",
    "PatientPosition": "HFS",
    "ProcedureStepDescription": "COLA",
    "SoftwareVersions": "5.6.1\\5.6.1.3",
    "MRAcquisitionType": "3D",
    "SeriesDescription": "sT1W_1MM_COMBO",
    "ProtocolName": "sT1W_1MM_COMBO",
    "ScanningSequence": "GR",
    "SequenceVariant": "MP",
    "ScanOptions": "FC",
    "ImageType": [
        "ORIGINAL",
        "PRIMARY",
        "M",
        "FFE",
        "M",
        "FFE"
    ],
    "SeriesNumber": 602,
    "AcquisitionTime": "",
    "AcquisitionNumber": 6,
    "PhilipsRWVSlope": 1,
    "PhilipsRWVIntercept": 0,
    "PhilipsRescaleSlope": 1,
    "PhilipsRescaleIntercept": 0,
    "PhilipsScaleSlope": 0.000660559,
    "UsePhilipsFloatNotDisplayScaling": 1,
    "SliceThickness": 2,
    "SpacingBetweenSlices": 1,
    "SAR": 0.0170603,
    "EchoTime": 0.00348,
    "RepetitionTime": 0.0123644,
    "FlipAngle": 8,
    "CoilString": "MULTI COIL",
    "PercentPhaseFOV": 100,
    "PercentSampling": 77.9165,
    "EchoTrainLength": 560,
    "PhaseEncodingSteps": 250,
    "AcquisitionMatrixPE": 250,
    "ReconMatrixPE": 256,
    "ParallelReductionFactorInPlane": 1.73205,
    "ParallelReductionOutOfPlane": 1.73205,
    "WaterFatShift": 0.551729,
    "EstimatedEffectiveEchoSpacing": 4.97191e-06,
    "EstimatedTotalReadoutTime": 0.00126784,
    "PixelBandwidth": 787,
    "PhaseEncodingAxis": "j",
    "ImageOrientationPatientDICOM": [
        0.999849,
        0.00165984,
        0.0173076,
        0.000696882,
        0.990807,
        -0.13528
    ],
    "InPlanePhaseEncodingDirectionDICOM": "COL",
    "ConversionSoftware": "dcm2niix",
    "ConversionSoftwareVersion": "v1.0.20210317"
}