{
    "InPlanePhaseEncodingDirectionDICOM": "COL", 
    "ConsistencyInfo": "N4_VE11C_LATEST_20160120", 
    "DeviceSerialNumber": "66093", 
    "AcquisitionMatrixPE": 90, 
    "ImageOrientationPatientDICOM": [
        0.999986, 
        0.000319377, 
        0.00522269, 
        5.37751e-08, 
        0.998135, 
        -0.061048
    ], 
    "ManufacturersModelName": "Prisma", 
    "ProtocolName": "fieldmap_2p4mm_FoV_216x216x144", 
    "PhaseEncodingDirection": "j-", 
    "RepetitionTime": 0.59, 
    "MultibandAccelerationFactor": 2, 
    "SeriesNumber": 10, 
    "PhaseEncodingSteps": 90, 
    "MRAcquisitionType": "2D", 
    "SliceThickness": 2.4, 
    "AcquisitionNumber": 1, 
    "InstitutionName": "", 
    "DwellTime": 9.1e-06, 
    "TxRefAmp": 241.216, 
    "BodyPartExamined": "BRAIN", 
    "ReceiveCoilActiveElements": "HEA;HEP", 
    "SAR": 0.0825843, 
    "PulseSequenceDetails": "%SiemensSeq%\\gre_field_mapping", 
    "ScanningSequence": "GR", 
    "Manufacturer": "Siemens", 
    "ConversionSoftware": "dcm2niix", 
    "PercentPhaseFOV": 100, 
    "ReconMatrixPE": 90, 
    "FlipAngle": 46, 
    "ConversionSoftwareVersion": "v1.0.20210317", 
    "SeriesDescription": "fieldmap_2p4mm_FoV_216x216x144", 
    "PartialFourier": 1, 
    "InstitutionAddress": "", 
    "ShimSetting": [
        4926, 
        -11439, 
        -1388, 
        337, 
        -55, 
        -152, 
        39, 
        17
    ], 
    "AcquisitionTime": "", 
    "SequenceName": "*fm2d2r", 
    "MagneticFieldStrength": 3, 
    "PercentSampling": 100, 
    "SpacingBetweenSlices": 2.4, 
    "ImageType": [
        "ORIGINAL", 
        "PRIMARY", 
        "M", 
        "ND"
    ], 
    "ReceiveCoilName": "Head_32", 
    "EchoTime": 0.00738, 
    "SequenceVariant": "SP", 
    "SliceTiming": [
        0.29688, 
        0, 
        0.3125, 
        0.01562, 
        0.32812, 
        0.03125, 
        0.32812, 
        0.03125, 
        0.34375, 
        0.04688, 
        0.35938, 
        0.0625, 
        0.35938, 
        0.0625, 
        0.375, 
        0.07812, 
        0.375, 
        0.07812, 
        0.39062, 
        0.09375, 
        0.40625, 
        0.10938, 
        0.40625, 
        0.10938, 
        0.42188, 
        0.125, 
        0.42188, 
        0.14062, 
        0.4375, 
        0.14062, 
        0.45312, 
        0.15625, 
        0.45312, 
        0.17188, 
        0.46875, 
        0.17188, 
        0.48438, 
        0.1875, 
        0.48438, 
        0.1875, 
        0.5, 
        0.20312, 
        0.5, 
        0.21875, 
        0.51562, 
        0.21875, 
        0.53125, 
        0.23438, 
        0.53125, 
        0.23438, 
        0.54688, 
        0.25, 
        0.5625, 
        0.26562, 
        0.5625, 
        0.26562, 
        0.57812, 
        0.28125, 
        0.59375, 
        0.29688
    ], 
    "ImagingFrequency": 123.259, 
    "BaseResolution": 90, 
    "PixelBandwidth": 610, 
    "PhaseResolution": 1, 
    "SoftwareVersions": "syngo MR E11", 
    "EchoNumber": 2, 
    "StationName": "", 
    "Modality": "MR", 
    "InstitutionalDepartmentName": "", 
    "PatientPosition": "HFS"
}