{
    "InPlanePhaseEncodingDirectionDICOM": "COL", 
    "VendorReportedEchoSpacing": 0.00051, 
    "ConsistencyInfo": "N4_VE11C_LATEST_20160120", 
    "ImageComments": "Unaliased MB6/PE3/LB", 
    "DeviceSerialNumber": "66093", 
    "AcquisitionMatrixPE": 90, 
    "ImageOrientationPatientDICOM": [
        0.999986, 
        0.000836544, 
        0.00516514, 
        2.25344e-08, 
        0.987136, 
        -0.159881
    ], 
    "EffectiveEchoSpacing": 0.000510012, 
    "WipMemBlock": "e5e4c7c1-1a5c-47f5-90de-5721eec4ae20||Sequence: R016 ve11c/master r/e634e98; Dec 19 2017 11:00:25 by eja", 
    "ManufacturersModelName": "Prisma", 
    "ProtocolName": "BOLD_2p4_MB6_P1_TE30_TR800_AP", 
    "PhaseEncodingDirection": "j-", 
    "BandwidthPerPixelPhaseEncode": 21.786, 
    "TotalReadoutTime": 0.045391, 
    "RepetitionTime": 0.8, 
    "MultibandAccelerationFactor": 6, 
    "SeriesNumber": 5, 
    "PhaseEncodingSteps": 90, 
    "MRAcquisitionType": "2D", 
    "SliceThickness": 2.4, 
    "AcquisitionNumber": 1, 
    "InstitutionName": "", 
    "DwellTime": 2e-06, 
    "TxRefAmp": 231.521, 
    "BodyPartExamined": "BRAIN", 
    "ReceiveCoilActiveElements": "HEA;HEP", 
    "DerivedVendorReportedEchoSpacing": 0.000510012, 
    "SAR": 0.0767784, 
    "PulseSequenceDetails": "%CustomerSeq%\\cmrr_mbep2d_bold", 
    "ScanningSequence": "EP", 
    "Manufacturer": "Siemens", 
    "ConversionSoftware": "dcm2niix", 
    "PercentPhaseFOV": 100, 
    "ReconMatrixPE": 90, 
    "FlipAngle": 52, 
    "ConversionSoftwareVersion": "v1.0.20210317", 
    "SeriesDescription": "BOLD_2p4_MB6_P1_TE30_TR800_AP", 
    "PartialFourier": 1, 
    "InstitutionAddress": "", 
    "AcquisitionTime": "", 
    "ShimSetting": [
        4945, 
        -11401, 
        -1391, 
        606, 
        -35, 
        75, 
        79, 
        19
    ], 
    "PatientPosition": "HFS", 
    "SequenceName": "epfid2d1_90", 
    "MagneticFieldStrength": 3, 
    "TaskName": "PD", 
    "PercentSampling": 100, 
    "SpacingBetweenSlices": 2.4, 
    "ImageType": [
        "ORIGINAL", 
        "PRIMARY", 
        "M", 
        "MB", 
        "ND", 
        "MOSAIC"
    ], 
    "ReceiveCoilName": "Head_32", 
    "EchoTime": 0.03, 
    "SequenceVariant": "SK\\SS", 
    "SliceTiming": [
        0, 
        0.5475, 
        0.3125, 
        0.08, 
        0.625, 
        0.39, 
        0.1575, 
        0.7025, 
        0.47, 
        0.235, 
        0, 
        0.5475, 
        0.3125, 
        0.08, 
        0.625, 
        0.39, 
        0.1575, 
        0.7025, 
        0.47, 
        0.235, 
        0, 
        0.5475, 
        0.3125, 
        0.08, 
        0.625, 
        0.39, 
        0.1575, 
        0.7025, 
        0.47, 
        0.235, 
        0, 
        0.5475, 
        0.3125, 
        0.08, 
        0.625, 
        0.39, 
        0.1575, 
        0.7025, 
        0.47, 
        0.235, 
        0, 
        0.5475, 
        0.3125, 
        0.08, 
        0.625, 
        0.39, 
        0.1575, 
        0.7025, 
        0.47, 
        0.235, 
        0, 
        0.5475, 
        0.3125, 
        0.08, 
        0.625, 
        0.39, 
        0.1575, 
        0.7025, 
        0.47, 
        0.235
    ], 
    "ImagingFrequency": 123.259, 
    "EchoTrainLength": 90, 
    "BaseResolution": 90, 
    "PixelBandwidth": 2780, 
    "ScanOptions": "FS", 
    "PhaseResolution": 1, 
    "SoftwareVersions": "syngo MR E11", 
    "StationName": "", 
    "Modality": "MR", 
    "InstitutionalDepartmentName": ""
}