{
    "Modality": "MR",
    "MagneticFieldStrength": 3,
    "ImagingFrequency": 127.764,
    "Manufacturer": "Philips",
    "ManufacturersModelName": "Ingenia Elition X",
    "InstitutionName": "",
    "InstitutionalDepartmentName": "",
    "InstitutionAddress": "",
    "DeviceSerialNumber": "45128",
    "StationName": "",
    "BodyPartExamined": "BRAIN",
    "PatientPosition": "HFS",
    "SoftwareVersions": "5.6.1\\5.6.1.2",
    "MRAcquisitionType": "2D",
    "SeriesDescription": "Philips_B0_map",
    "ProtocolName": "Philips_B0_map",
    "ScanningSequence": "GR",
    "SequenceVariant": "SS",
    "ScanOptions": "OTHER",
    "ImageType": [
        "ORIGINAL",
        "PRIMARY",
        "M",
        "FFE",
        "M",
        "FFE"
    ],
    "SeriesNumber": 601,
    "AcquisitionTime": "",
    "AcquisitionNumber": 6,
    "PhilipsRWVSlope": 1.43883,
    "PhilipsRWVIntercept": 0,
    "PhilipsRescaleSlope": 1.43883,
    "PhilipsRescaleIntercept": 0,
    "PhilipsScaleSlope": 0.00381716,
    "UsePhilipsFloatNotDisplayScaling": 1,
    "SliceThickness": 2.4,
    "SpacingBetweenSlices": 2.4,
    "SAR": 0.0555295,
    "EchoNumber": 1,
    "EchoTime": 0.004921,
    "RepetitionTime": 0.590001,
    "FlipAngle": 46,
    "CoilString": "MULTI COIL",
    "PercentPhaseFOV": 100,
    "PercentSampling": 100,
    "PhaseEncodingSteps": 96,
    "AcquisitionMatrixPE": 96,
    "ReconMatrixPE": 96,
    "ParallelReductionFactorInPlane": 2,
    "WaterFatShift": 0.997552,
    "EstimatedEffectiveEchoSpacing": 1.20863e-05,
    "EstimatedTotalReadoutTime": 0.0011482,
    "PixelBandwidth": 435,
    "PhaseEncodingAxis": "j",
    "ImageOrientationPatientDICOM": [
        0.999849,
        0.000559546,
        0.017378,
        0.000696882,
        0.997389,
        -0.0722099
    ],
    "InPlanePhaseEncodingDirectionDICOM": "COL",
    "ConversionSoftware": "dcm2niix",
    "ConversionSoftwareVersion": "v1.0.20201102",
    "EchoTime1": "0.00492",
    "EchoTime2": "0.00738"
}