{
    "Modality": "MR",
    "MagneticFieldStrength": 3,
    "ImagingFrequency": 127.764,
    "Manufacturer": "Philips",
    "ManufacturersModelName": "Ingenia Elition X",
    "InstitutionName": "",
    "InstitutionalDepartmentName": "",
    "InstitutionAddress": "",
    "DeviceSerialNumber": "45128",
    "StationName": "",
    "BodyPartExamined": "BRAIN",
    "PatientPosition": "HFS",
    "ProcedureStepDescription": "COLA",
    "SoftwareVersions": "5.6.1\\5.6.1.3",
    "MRAcquisitionType": "2D",
    "SeriesDescription": "COLA_R3",
    "ProtocolName": "COLA_R3",
    "ScanningSequence": "GR",
    "SequenceVariant": "SK",
    "ScanOptions": "FS",
    "ImageType": [
        "ORIGINAL",
        "PRIMARY",
        "M",
        "FFE",
        "M",
        "FFE"
    ],
    "SeriesNumber": 401,
    "AcquisitionTime": "",
    "AcquisitionNumber": 4,
    "PhilipsRWVSlope": 0.971429,
    "PhilipsRWVIntercept": 0,
    "PhilipsRescaleSlope": 0.971429,
    "PhilipsRescaleIntercept": 0,
    "PhilipsScaleSlope": 0.0164864,
    "UsePhilipsFloatNotDisplayScaling": 1,
    "SliceThickness": 2.4,
    "SpacingBetweenSlices": 2.4,
    "SAR": 0.0818072,
    "EchoTime": 0.03,
    "RepetitionTime": 0.8,
    "FlipAngle": 52,
    "CoilString": "MULTI COIL",
    "PercentPhaseFOV": 100,
    "PercentSampling": 100,
    "EchoTrainLength": 47,
    "PhaseEncodingSteps": 94,
    "AcquisitionMatrixPE": 94,
    "ReconMatrixPE": 96,
    "ParallelReductionFactorInPlane": 2,
    "ParallelReductionOutOfPlane": 6,
    "WaterFatShift": 16.3348,
    "EstimatedEffectiveEchoSpacing": 0.000387577,
    "EstimatedTotalReadoutTime": 0.0368198,
    "PixelBandwidth": 1863,
    "PhaseEncodingAxis": "j",
    "ImageOrientationPatientDICOM": [
        1,
        -4.48504e-12,
        -7.88012e-05,
        -3.1584e-06,
        0.999196,
        -0.0400807
    ],
    "InPlanePhaseEncodingDirectionDICOM": "COL",
    "ConversionSoftware": "dcm2niix",
    "ConversionSoftwareVersion": "v1.0.20210317",
    "TaskName": "SD"
}