{
    "InPlanePhaseEncodingDirectionDICOM": "COL", 
    "VendorReportedEchoSpacing": 0.00051, 
    "ConsistencyInfo": "N4_VE11C_LATEST_20160120", 
    "ImageComments": "Single-band reference", 
    "ProcedureStepDescription": "OHBA Projects VE11C^2021_110 Lateralisation in fTCD and fMRI", 
    "DeviceSerialNumber": "66093", 
    "AcquisitionMatrixPE": 90, 
    "ImageOrientationPatientDICOM": [
        0.999999, 
        -7.60034e-05, 
        -0.00174054, 
        1.14261e-08, 
        0.999048, 
        -0.0436184
    ], 
    "EffectiveEchoSpacing": 0.000510012, 
    "WipMemBlock": "71ae5ce8-114b-4b85-8c84-01f0c38b1de7||Sequence: R016 ve11c/master r/e634e98; Dec 19 2017 11:00:25 by eja", 
    "ManufacturersModelName": "Prisma", 
    "ProtocolName": "BOLD_2p4_MB6_P1_TE30_TR800_AP", 
    "PhaseEncodingDirection": "j-", 
    "BandwidthPerPixelPhaseEncode": 21.786, 
    "TotalReadoutTime": 0.045391, 
    "RepetitionTime": 0.8, 
    "EchoTrainLength": 90, 
    "MagneticFieldStrength": 3, 
    "PhaseEncodingSteps": 90, 
    "MRAcquisitionType": "2D", 
    "SliceThickness": 2.4, 
    "AcquisitionNumber": 1, 
    "InstitutionName": "", 
    "DwellTime": 2e-06, 
    "TxRefAmp": 236.469, 
    "BodyPartExamined": "BRAIN", 
    "ReceiveCoilActiveElements": "HEA;HEP", 
    "DerivedVendorReportedEchoSpacing": 0.000510012, 
    "SAR": 0.0640291, 
    "PulseSequenceDetails": "%CustomerSeq%\\cmrr_mbep2d_bold", 
    "ScanningSequence": "EP", 
    "Manufacturer": "Siemens", 
    "ConversionSoftware": "dcm2niix", 
    "PercentPhaseFOV": 100, 
    "ReconMatrixPE": 90, 
    "FlipAngle": 52, 
    "ConversionSoftwareVersion": "v1.0.20210317", 
    "SeriesDescription": "BOLD_2p4_MB6_P1_TE30_TR800_AP_SBRef", 
    "PartialFourier": 1, 
    "InstitutionAddress": "", 
    "AcquisitionTime": "", 
    "ShimSetting": [
        4954, 
        -11409, 
        -1358, 
        568, 
        68, 
        75, 
        -56, 
        28
    ], 
    "PatientPosition": "HFS", 
    "SequenceName": "epfid2d1_90", 
    "SeriesNumber": 14, 
    "TaskName": "PD", 
    "PercentSampling": 100, 
    "SpacingBetweenSlices": 2.4, 
    "ImageType": [
        "ORIGINAL", 
        "PRIMARY", 
        "M", 
        "ND", 
        "MOSAIC"
    ], 
    "ReceiveCoilName": "Head_32", 
    "EchoTime": 0.03, 
    "SequenceVariant": "SK\\SS", 
    "SliceTiming": [
        0, 
        0.0775, 
        0.155, 
        0.2325, 
        0.31, 
        0.39, 
        0.4675, 
        0.545, 
        0.6225, 
        0.7, 
        0.78, 
        0.8575, 
        0.935, 
        1.0125, 
        1.09, 
        1.17, 
        1.2475, 
        1.325, 
        1.4025, 
        1.48, 
        1.56, 
        1.6375, 
        1.715, 
        1.7925, 
        1.87, 
        1.95, 
        2.0275, 
        2.105, 
        2.1825, 
        2.26, 
        2.34, 
        2.4175, 
        2.495, 
        2.5725, 
        2.65, 
        2.7275, 
        2.8075, 
        2.885, 
        2.9625, 
        3.04, 
        3.1175, 
        3.1975, 
        3.275, 
        3.3525, 
        3.43, 
        3.5075, 
        3.5875, 
        3.665, 
        3.7425, 
        3.82, 
        3.8975, 
        3.9775, 
        4.055, 
        4.1325, 
        4.21, 
        4.2875, 
        4.3675, 
        4.445, 
        4.5225, 
        4.6
    ], 
    "ImagingFrequency": 123.26, 
    "BaseResolution": 90, 
    "PixelBandwidth": 2780, 
    "ScanOptions": "FS", 
    "PhaseResolution": 1, 
    "SoftwareVersions": "syngo MR E11", 
    "StationName": "", 
    "Modality": "MR", 
    "InstitutionalDepartmentName": ""
}