{
    "InPlanePhaseEncodingDirectionDICOM": "COL", 
    "VendorReportedEchoSpacing": 0.00051, 
    "ConsistencyInfo": "N4_VE11C_LATEST_20160120", 
    "ImageComments": "Single-band reference", 
    "DeviceSerialNumber": "66093", 
    "AcquisitionMatrixPE": 90, 
    "ImageOrientationPatientDICOM": [
        0.999946, 
        -0.000710018, 
        -0.0104148, 
        -1.20981e-08, 
        0.997684, 
        -0.0680176
    ], 
    "EffectiveEchoSpacing": 0.000510012, 
    "WipMemBlock": "1276d646-ed10-4c67-a0be-6991e612b3c1||Sequence: R016 ve11c/master r/e634e98; Dec 19 2017 11:00:25 by eja", 
    "ManufacturersModelName": "Prisma", 
    "ProtocolName": "BOLD_2p4_MB6_P1_TE30_TR800_AP", 
    "PhaseEncodingDirection": "j-", 
    "BandwidthPerPixelPhaseEncode": 21.786, 
    "TotalReadoutTime": 0.045391, 
    "RepetitionTime": 0.8, 
    "EchoTrainLength": 90, 
    "SeriesNumber": 6, 
    "PhaseEncodingSteps": 90, 
    "MRAcquisitionType": "2D", 
    "SliceThickness": 2.4, 
    "AcquisitionNumber": 1, 
    "InstitutionName": "", 
    "DwellTime": 2e-06, 
    "TxRefAmp": 241.453, 
    "BodyPartExamined": "BRAIN", 
    "ReceiveCoilActiveElements": "HEA;HEP", 
    "DerivedVendorReportedEchoSpacing": 0.000510012, 
    "SAR": 0.0778696, 
    "PulseSequenceDetails": "%CustomerSeq%\\cmrr_mbep2d_bold", 
    "ScanningSequence": "EP", 
    "Manufacturer": "Siemens", 
    "ConversionSoftware": "dcm2niix", 
    "PercentPhaseFOV": 100, 
    "ReconMatrixPE": 90, 
    "FlipAngle": 52, 
    "ConversionSoftwareVersion": "v1.0.20210317", 
    "SeriesDescription": "BOLD_2p4_MB6_P1_TE30_TR800_AP_SBRef", 
    "PartialFourier": 1, 
    "InstitutionAddress": "", 
    "AcquisitionTime": "", 
    "ShimSetting": [
        4960, 
        -11410, 
        -1360, 
        420, 
        95, 
        29, 
        3, 
        83
    ], 
    "PatientPosition": "HFS", 
    "SequenceName": "epfid2d1_90", 
    "MagneticFieldStrength": 3, 
    "TaskName": "WC", 
    "PercentSampling": 100, 
    "SpacingBetweenSlices": 2.4, 
    "ImageType": [
        "ORIGINAL", 
        "PRIMARY", 
        "M", 
        "ND", 
        "MOSAIC"
    ], 
    "ReceiveCoilName": "Head_32", 
    "EchoTime": 0.03, 
    "SequenceVariant": "SK\\SS", 
    "SliceTiming": [
        0, 
        0.0775, 
        0.155, 
        0.235, 
        0.3125, 
        0.39, 
        0.4675, 
        0.545, 
        0.625, 
        0.7025, 
        0.78, 
        0.8575, 
        0.935, 
        1.0125, 
        1.0925, 
        1.17, 
        1.2475, 
        1.325, 
        1.4025, 
        1.4825, 
        1.56, 
        1.6375, 
        1.715, 
        1.7925, 
        1.8725, 
        1.95, 
        2.0275, 
        2.105, 
        2.1825, 
        2.2625, 
        2.34, 
        2.4175, 
        2.495, 
        2.5725, 
        2.6525, 
        2.73, 
        2.8075, 
        2.885, 
        2.9625, 
        3.0425, 
        3.12, 
        3.1975, 
        3.275, 
        3.3525, 
        3.4325, 
        3.51, 
        3.5875, 
        3.665, 
        3.7425, 
        3.8225, 
        3.9, 
        3.9775, 
        4.055, 
        4.1325, 
        4.2125, 
        4.29, 
        4.3675, 
        4.445, 
        4.5225, 
        4.6025
    ], 
    "ImagingFrequency": 123.259, 
    "BaseResolution": 90, 
    "PixelBandwidth": 2780, 
    "ScanOptions": "FS", 
    "PhaseResolution": 1, 
    "SoftwareVersions": "syngo MR E11", 
    "StationName": "", 
    "Modality": "MR", 
    "InstitutionalDepartmentName": ""
}