{
    "EchoTime1": "0.00492", 
    "InPlanePhaseEncodingDirectionDICOM": "COL", 
    "EchoTime2": "0.00738", 
    "ConsistencyInfo": "N4_VE11C_LATEST_20160120", 
    "DeviceSerialNumber": "66093", 
    "AcquisitionMatrixPE": 90, 
    "ImageOrientationPatientDICOM": [
        0.999986, 
        0.000346851, 
        0.00522094, 
        -7.86609e-08, 
        0.997801, 
        -0.0662734
    ], 
    "ManufacturersModelName": "Prisma", 
    "ProtocolName": "fieldmap_2p4mm_FoV_216x216x144", 
    "PhaseEncodingDirection": "j-", 
    "RepetitionTime": 0.59, 
    "SeriesNumber": 11, 
    "PhaseEncodingSteps": 90, 
    "MRAcquisitionType": "2D", 
    "SliceThickness": 2.4, 
    "AcquisitionNumber": 1, 
    "InstitutionName": "", 
    "DwellTime": 9.1e-06, 
    "TxRefAmp": 240.354, 
    "BodyPartExamined": "BRAIN", 
    "ReceiveCoilActiveElements": "HEA;HEP", 
    "SAR": 0.0847646, 
    "PulseSequenceDetails": "%SiemensSeq%\\gre_field_mapping", 
    "ScanningSequence": "GR", 
    "Manufacturer": "Siemens", 
    "ConversionSoftware": "dcm2niix", 
    "PercentPhaseFOV": 100, 
    "ReconMatrixPE": 90, 
    "FlipAngle": 46, 
    "ConversionSoftwareVersion": "v1.0.20210317", 
    "SeriesDescription": "fieldmap_2p4mm_FoV_216x216x144", 
    "PartialFourier": 1, 
    "InstitutionAddress": "", 
    "ShimSetting": [
        4969, 
        -11480, 
        -1340, 
        533, 
        86, 
        -40, 
        -41, 
        65
    ], 
    "AcquisitionTime": "", 
    "SequenceName": "*fm2d2r", 
    "MagneticFieldStrength": 3, 
    "PercentSampling": 100, 
    "SpacingBetweenSlices": 2.4, 
    "ImageType": [
        "ORIGINAL", 
        "PRIMARY", 
        "P", 
        "ND", 
        "PHASE"
    ], 
    "ReceiveCoilName": "Head_32", 
    "EchoTime": 0.00738, 
    "SequenceVariant": "SP", 
    "SliceTiming": [
        0.29688, 
        0, 
        0.30469, 
        0.01562, 
        0.32031, 
        0.02344, 
        0.32812, 
        0.03125, 
        0.33594, 
        0.03906, 
        0.34375, 
        0.05469, 
        0.35938, 
        0.0625, 
        0.36719, 
        0.07031, 
        0.375, 
        0.07812, 
        0.39062, 
        0.09375, 
        0.39062, 
        0.10156, 
        0.40625, 
        0.10938, 
        0.41406, 
        0.11719, 
        0.42188, 
        0.13281, 
        0.4375, 
        0.14062, 
        0.44531, 
        0.14844, 
        0.45312, 
        0.15625, 
        0.46094, 
        0.17188, 
        0.47656, 
        0.17969, 
        0.48438, 
        0.1875, 
        0.49219, 
        0.20312, 
        0.50781, 
        0.21094, 
        0.51562, 
        0.21875, 
        0.52344, 
        0.22656, 
        0.53125, 
        0.24219, 
        0.53906, 
        0.25, 
        0.55469, 
        0.25781, 
        0.5625, 
        0.26562, 
        0.57031, 
        0.27344, 
        0.57812, 
        0.28906
    ], 
    "ImagingFrequency": 123.26, 
    "BaseResolution": 90, 
    "PixelBandwidth": 610, 
    "PhaseResolution": 1, 
    "SoftwareVersions": "syngo MR E11", 
    "EchoNumber": 2, 
    "StationName": "", 
    "Modality": "MR", 
    "InstitutionalDepartmentName": "", 
    "PatientPosition": "HFS"
}