{
    "EchoTime1": "0.00492", 
    "InPlanePhaseEncodingDirectionDICOM": "COL", 
    "EchoTime2": "0.00738", 
    "ConsistencyInfo": "N4_VE11C_LATEST_20160120", 
    "DeviceSerialNumber": "66093", 
    "AcquisitionMatrixPE": 90, 
    "ImageOrientationPatientDICOM": [
        0.999986, 
        0.000710124, 
        0.00518404, 
        -1.48591e-09, 
        0.990748, 
        -0.135715
    ], 
    "ManufacturersModelName": "Prisma", 
    "ProtocolName": "fieldmap_2p4mm_FoV_216x216x144", 
    "PhaseEncodingDirection": "j-", 
    "RepetitionTime": 0.59, 
    "SeriesNumber": 15, 
    "PhaseEncodingSteps": 90, 
    "MRAcquisitionType": "2D", 
    "SliceThickness": 2.4, 
    "AcquisitionNumber": 1, 
    "InstitutionName": "", 
    "DwellTime": 9.1e-06, 
    "TxRefAmp": 240.031, 
    "BodyPartExamined": "BRAIN", 
    "ReceiveCoilActiveElements": "HEA;HEP", 
    "SAR": 0.0775913, 
    "PulseSequenceDetails": "%SiemensSeq%\\gre_field_mapping", 
    "ScanningSequence": "GR", 
    "Manufacturer": "Siemens", 
    "ConversionSoftware": "dcm2niix", 
    "PercentPhaseFOV": 100, 
    "ReconMatrixPE": 90, 
    "FlipAngle": 46, 
    "ConversionSoftwareVersion": "v1.0.20210317", 
    "SeriesDescription": "fieldmap_2p4mm_FoV_216x216x144", 
    "PartialFourier": 1, 
    "InstitutionAddress": "", 
    "ShimSetting": [
        4971, 
        -11389, 
        -1380, 
        544, 
        71, 
        96, 
        -106, 
        56
    ], 
    "AcquisitionTime": "", 
    "SequenceName": "*fm2d2r", 
    "MagneticFieldStrength": 3, 
    "PercentSampling": 100, 
    "SpacingBetweenSlices": 2.4, 
    "ImageType": [
        "ORIGINAL", 
        "PRIMARY", 
        "P", 
        "ND", 
        "PHASE"
    ], 
    "ReceiveCoilName": "Head_32", 
    "EchoTime": 0.00738, 
    "SequenceVariant": "SP", 
    "SliceTiming": [
        0.28906, 
        0, 
        0.30469, 
        0.00781, 
        0.3125, 
        0.01562, 
        0.32031, 
        0.02344, 
        0.32812, 
        0.03906, 
        0.34375, 
        0.04688, 
        0.35156, 
        0.05469, 
        0.35938, 
        0.07031, 
        0.375, 
        0.07812, 
        0.38281, 
        0.08594, 
        0.39062, 
        0.09375, 
        0.39844, 
        0.10938, 
        0.40625, 
        0.11719, 
        0.42188, 
        0.125, 
        0.42969, 
        0.13281, 
        0.4375, 
        0.14062, 
        0.45312, 
        0.15625, 
        0.46094, 
        0.16406, 
        0.46875, 
        0.17188, 
        0.47656, 
        0.1875, 
        0.49219, 
        0.19531, 
        0.5, 
        0.20312, 
        0.50781, 
        0.21094, 
        0.51562, 
        0.22656, 
        0.53125, 
        0.23438, 
        0.53906, 
        0.24219, 
        0.54688, 
        0.25, 
        0.55469, 
        0.26562, 
        0.57031, 
        0.27344, 
        0.57812, 
        0.28125
    ], 
    "ImagingFrequency": 123.26, 
    "BaseResolution": 90, 
    "PixelBandwidth": 610, 
    "PhaseResolution": 1, 
    "SoftwareVersions": "syngo MR E11", 
    "EchoNumber": 2, 
    "StationName": "", 
    "Modality": "MR", 
    "InstitutionalDepartmentName": "", 
    "PatientPosition": "HFS"
}