{
    "Modality": "MR",
    "MagneticFieldStrength": 3,
    "ImagingFrequency": 123.259,
    "Manufacturer": "Siemens",
    "ManufacturersModelName": "Prisma",
    "InstitutionName": "",
    "InstitutionalDepartmentName": "",
    "InstitutionAddress": "",
    "DeviceSerialNumber": "66093",
    "StationName": "",
    "BodyPartExamined": "BRAIN",
    "PatientPosition": "HFS",
    "SoftwareVersions": "syngo MR E11",
    "MRAcquisitionType": "2D",
    "SeriesDescription": "BOLD_2p4_MB6_P1_TE30_TR800_AP",
    "ProtocolName": "BOLD_2p4_MB6_P1_TE30_TR800_AP",
    "ScanningSequence": "EP",
    "SequenceVariant": "SK\\SS",
    "ScanOptions": "FS",
    "SequenceName": "epfid2d1_90",
    "ImageType": [
        "ORIGINAL",
        "PRIMARY",
        "M",
        "MB",
        "ND",
        "MOSAIC"
    ],
    "SeriesNumber": 5,
    "AcquisitionTime": "",
    "AcquisitionNumber": 1,
    "ImageComments": "Unaliased MB6/PE3/LB",
    "SliceThickness": 2.4,
    "SpacingBetweenSlices": 2.4,
    "SAR": 0.100845,
    "EchoTime": 0.03,
    "RepetitionTime": 0.8,
    "FlipAngle": 52,
    "PartialFourier": 1,
    "BaseResolution": 90,
    "ShimSetting": [
        4968,
        -11397,
        -1314,
        476,
        72,
        93,
        -128,
        61
    ],
    "TxRefAmp": 270.049,
    "PhaseResolution": 1,
    "VendorReportedEchoSpacing": 0.00051,
    "ReceiveCoilName": "Head_32",
    "ReceiveCoilActiveElements": "HEA;HEP",
    "PulseSequenceDetails": "%CustomerSeq%\\cmrr_mbep2d_bold",
    "WipMemBlock": "24a5017f-82a9-4283-82e3-54c0821eee4e||Sequence: R016 ve11c/master r/e634e98; Dec 19 2017 11:00:25 by eja",
    "ConsistencyInfo": "N4_VE11C_LATEST_20160120",
    "MultibandAccelerationFactor": 6,
    "PercentPhaseFOV": 100,
    "PercentSampling": 100,
    "EchoTrainLength": 90,
    "PhaseEncodingSteps": 90,
    "AcquisitionMatrixPE": 90,
    "ReconMatrixPE": 90,
    "BandwidthPerPixelPhaseEncode": 21.786,
    "EffectiveEchoSpacing": 0.000510012,
    "DerivedVendorReportedEchoSpacing": 0.000510012,
    "TotalReadoutTime": 0.045391,
    "PixelBandwidth": 2780,
    "DwellTime": 2e-06,
    "PhaseEncodingDirection": "j-",
    "SliceTiming": [
        0,
        0.5475,
        0.3125,
        0.08,
        0.625,
        0.39,
        0.1575,
        0.7025,
        0.47,
        0.235,
        0,
        0.5475,
        0.3125,
        0.08,
        0.625,
        0.39,
        0.1575,
        0.7025,
        0.47,
        0.235,
        0,
        0.5475,
        0.3125,
        0.08,
        0.625,
        0.39,
        0.1575,
        0.7025,
        0.47,
        0.235,
        0,
        0.5475,
        0.3125,
        0.08,
        0.625,
        0.39,
        0.1575,
        0.7025,
        0.47,
        0.235,
        0,
        0.5475,
        0.3125,
        0.08,
        0.625,
        0.39,
        0.1575,
        0.7025,
        0.47,
        0.235,
        0,
        0.5475,
        0.3125,
        0.08,
        0.625,
        0.39,
        0.1575,
        0.7025,
        0.47,
        0.235
    ],
    "ImageOrientationPatientDICOM": [
        0.999457,
        0.00384753,
        0.0327356,
        6.90378e-08,
        0.993163,
        -0.116732
    ],
    "InPlanePhaseEncodingDirectionDICOM": "COL",
    "ConversionSoftware": "dcm2niix",
    "ConversionSoftwareVersion": "v1.0.20210317",
    "TaskName": "WC"
}