{
    "InPlanePhaseEncodingDirectionDICOM": "COL", 
    "VendorReportedEchoSpacing": 0.00051, 
    "ConsistencyInfo": "N4_VE11C_LATEST_20160120", 
    "ImageComments": "Unaliased MB6/PE3/LB", 
    "DeviceSerialNumber": "66093", 
    "AcquisitionMatrixPE": 90, 
    "ImageOrientationPatientDICOM": [
        0.999986, 
        0.000346851, 
        0.00522094, 
        -7.86609e-08, 
        0.997801, 
        -0.0662734
    ], 
    "EffectiveEchoSpacing": 0.000510012, 
    "WipMemBlock": "b9f65ed9-80ab-4bb9-9dc0-6d211d95af83||Sequence: R016 ve11c/master r/e634e98; Dec 19 2017 11:00:25 by eja", 
    "ManufacturersModelName": "Prisma", 
    "ProtocolName": "BOLD_2p4_MB6_P1_TE30_TR800_AP", 
    "PhaseEncodingDirection": "j-", 
    "BandwidthPerPixelPhaseEncode": 21.786, 
    "TotalReadoutTime": 0.045391, 
    "RepetitionTime": 0.8, 
    "MultibandAccelerationFactor": 6, 
    "SeriesNumber": 9, 
    "PhaseEncodingSteps": 90, 
    "MRAcquisitionType": "2D", 
    "SliceThickness": 2.4, 
    "AcquisitionNumber": 1, 
    "InstitutionName": "", 
    "DwellTime": 2e-06, 
    "TxRefAmp": 240.354, 
    "BodyPartExamined": "BRAIN", 
    "ReceiveCoilActiveElements": "HEA;HEP", 
    "DerivedVendorReportedEchoSpacing": 0.000510012, 
    "SAR": 0.0828002, 
    "PulseSequenceDetails": "%CustomerSeq%\\cmrr_mbep2d_bold", 
    "ScanningSequence": "EP", 
    "Manufacturer": "Siemens", 
    "ConversionSoftware": "dcm2niix", 
    "PercentPhaseFOV": 100, 
    "ReconMatrixPE": 90, 
    "FlipAngle": 52, 
    "ConversionSoftwareVersion": "v1.0.20210317", 
    "SeriesDescription": "BOLD_2p4_MB6_P1_TE30_TR800_AP", 
    "PartialFourier": 1, 
    "InstitutionAddress": "", 
    "AcquisitionTime": "", 
    "ShimSetting": [
        4969, 
        -11480, 
        -1340, 
        533, 
        86, 
        -40, 
        -41, 
        65
    ], 
    "PatientPosition": "HFS", 
    "SequenceName": "epfid2d1_90", 
    "MagneticFieldStrength": 3, 
    "TaskName": "PD", 
    "PercentSampling": 100, 
    "SpacingBetweenSlices": 2.4, 
    "ImageType": [
        "ORIGINAL", 
        "PRIMARY", 
        "M", 
        "MB", 
        "ND", 
        "MOSAIC"
    ], 
    "ReceiveCoilName": "Head_32", 
    "EchoTime": 0.03, 
    "SequenceVariant": "SK\\SS", 
    "SliceTiming": [
        0, 
        0.545, 
        0.31, 
        0.0775, 
        0.6225, 
        0.3875, 
        0.155, 
        0.7, 
        0.4675, 
        0.2325, 
        0, 
        0.545, 
        0.31, 
        0.0775, 
        0.6225, 
        0.3875, 
        0.155, 
        0.7, 
        0.4675, 
        0.2325, 
        0, 
        0.545, 
        0.31, 
        0.0775, 
        0.6225, 
        0.3875, 
        0.155, 
        0.7, 
        0.4675, 
        0.2325, 
        0, 
        0.545, 
        0.31, 
        0.0775, 
        0.6225, 
        0.3875, 
        0.155, 
        0.7, 
        0.4675, 
        0.2325, 
        0, 
        0.545, 
        0.31, 
        0.0775, 
        0.6225, 
        0.3875, 
        0.155, 
        0.7, 
        0.4675, 
        0.2325, 
        0, 
        0.545, 
        0.31, 
        0.0775, 
        0.6225, 
        0.3875, 
        0.155, 
        0.7, 
        0.4675, 
        0.2325
    ], 
    "ImagingFrequency": 123.26, 
    "EchoTrainLength": 90, 
    "BaseResolution": 90, 
    "PixelBandwidth": 2780, 
    "ScanOptions": "FS", 
    "PhaseResolution": 1, 
    "SoftwareVersions": "syngo MR E11", 
    "StationName": "", 
    "Modality": "MR", 
    "InstitutionalDepartmentName": ""
}