{
    "Modality": "MR",
    "MagneticFieldStrength": 3,
    "ImagingFrequency": 127.764,
    "Manufacturer": "Philips",
    "ManufacturersModelName": "Ingenia Elition X",
    "InstitutionName": "",
    "InstitutionalDepartmentName": "",
    "InstitutionAddress": "",
    "DeviceSerialNumber": "45128",
    "StationName": "",
    "BodyPartExamined": "BRAIN",
    "PatientPosition": "HFS",
    "SoftwareVersions": "5.6.1\\5.6.1.3",
    "MRAcquisitionType": "2D",
    "SeriesDescription": "COLA_R2",
    "ProtocolName": "COLA_R2",
    "ScanningSequence": "GR",
    "SequenceVariant": "SK",
    "ScanOptions": "FS",
    "ImageType": [
        "ORIGINAL",
        "PRIMARY",
        "M",
        "FFE",
        "M",
        "FFE"
    ],
    "SeriesNumber": 301,
    "AcquisitionTime": "",
    "AcquisitionNumber": 3,
    "PhilipsRWVSlope": 1.1094,
    "PhilipsRWVIntercept": 0,
    "PhilipsRescaleSlope": 1.1094,
    "PhilipsRescaleIntercept": 0,
    "PhilipsScaleSlope": 0.0164212,
    "UsePhilipsFloatNotDisplayScaling": 1,
    "SliceThickness": 2.4,
    "SpacingBetweenSlices": 2.4,
    "SAR": 0.0818652,
    "EchoTime": 0.030001,
    "RepetitionTime": 0.8,
    "FlipAngle": 52,
    "CoilString": "MULTI COIL",
    "PercentPhaseFOV": 100,
    "PercentSampling": 100,
    "EchoTrainLength": 47,
    "PhaseEncodingSteps": 94,
    "AcquisitionMatrixPE": 94,
    "ReconMatrixPE": 96,
    "ParallelReductionFactorInPlane": 2,
    "ParallelReductionOutOfPlane": 6,
    "WaterFatShift": 16.4056,
    "EstimatedEffectiveEchoSpacing": 0.000389259,
    "EstimatedTotalReadoutTime": 0.0369796,
    "PixelBandwidth": 1832,
    "PhaseEncodingAxis": "j",
    "ImageOrientationPatientDICOM": [
        0.99907,
        9.78719e-13,
        0.0431282,
        0.00172861,
        0.999196,
        -0.0400434
    ],
    "InPlanePhaseEncodingDirectionDICOM": "COL",
    "ConversionSoftware": "dcm2niix",
    "ConversionSoftwareVersion": "v1.0.20210317",
    "TaskName": "SC"
}