{
    "InPlanePhaseEncodingDirectionDICOM": "COL", 
    "ConsistencyInfo": "N4_VE11C_LATEST_20160120", 
    "DeviceSerialNumber": "66093", 
    "AcquisitionMatrixPE": 90, 
    "ImageOrientationPatientDICOM": [
        0.999986, 
        0.000962529, 
        0.00514316, 
        -1.5099e-08, 
        0.982935, 
        -0.183951
    ], 
    "ManufacturersModelName": "Prisma", 
    "ProtocolName": "fieldmap_2p4mm_FoV_216x216x144", 
    "PhaseEncodingDirection": "j-", 
    "RepetitionTime": 0.59, 
    "SeriesNumber": 10, 
    "PhaseEncodingSteps": 90, 
    "MRAcquisitionType": "2D", 
    "SliceThickness": 2.4, 
    "AcquisitionNumber": 1, 
    "InstitutionName": "", 
    "DwellTime": 9.1e-06, 
    "TxRefAmp": 243.617, 
    "BodyPartExamined": "BRAIN", 
    "ReceiveCoilActiveElements": "HEA;HEP", 
    "SAR": 0.0692605, 
    "PulseSequenceDetails": "%SiemensSeq%\\gre_field_mapping", 
    "ScanningSequence": "GR", 
    "Manufacturer": "Siemens", 
    "ConversionSoftware": "dcm2niix", 
    "PercentPhaseFOV": 100, 
    "ReconMatrixPE": 90, 
    "FlipAngle": 46, 
    "ConversionSoftwareVersion": "v1.0.20210317", 
    "SeriesDescription": "fieldmap_2p4mm_FoV_216x216x144", 
    "PartialFourier": 1, 
    "InstitutionAddress": "", 
    "ShimSetting": [
        4942, 
        -11433, 
        -1377, 
        385, 
        58, 
        22, 
        133, 
        17
    ], 
    "AcquisitionTime": "", 
    "SequenceName": "*fm2d2r", 
    "MagneticFieldStrength": 3, 
    "PercentSampling": 100, 
    "SpacingBetweenSlices": 2.4, 
    "ImageType": [
        "ORIGINAL", 
        "PRIMARY", 
        "M", 
        "ND"
    ], 
    "ReceiveCoilName": "Head_32", 
    "EchoTime": 0.00492, 
    "SequenceVariant": "SP", 
    "SliceTiming": [
        0.29688, 
        0, 
        0.30469, 
        0.01562, 
        0.32031, 
        0.02344, 
        0.32812, 
        0.03125, 
        0.33594, 
        0.03906, 
        0.34375, 
        0.04688, 
        0.35156, 
        0.0625, 
        0.36719, 
        0.07031, 
        0.375, 
        0.07812, 
        0.38281, 
        0.09375, 
        0.39844, 
        0.10156, 
        0.40625, 
        0.10938, 
        0.41406, 
        0.11719, 
        0.42188, 
        0.13281, 
        0.4375, 
        0.14062, 
        0.44531, 
        0.14844, 
        0.45312, 
        0.15625, 
        0.46875, 
        0.17188, 
        0.46875, 
        0.17969, 
        0.48438, 
        0.1875, 
        0.49219, 
        0.19531, 
        0.5, 
        0.21094, 
        0.51562, 
        0.21875, 
        0.52344, 
        0.22656, 
        0.53125, 
        0.23438, 
        0.53906, 
        0.25, 
        0.55469, 
        0.25781, 
        0.5625, 
        0.26562, 
        0.57031, 
        0.28125, 
        0.58594, 
        0.28906
    ], 
    "ImagingFrequency": 123.259, 
    "BaseResolution": 90, 
    "PixelBandwidth": 610, 
    "PhaseResolution": 1, 
    "SoftwareVersions": "syngo MR E11", 
    "EchoNumber": 1, 
    "StationName": "", 
    "Modality": "MR", 
    "InstitutionalDepartmentName": "", 
    "PatientPosition": "HFS"
}